PATH
  remote: .
  specs:
    cloud_connect (2.0.0)
      faraday (~> 0.8.0)
      faraday_middleware (~> 0.8.0)
      hashie (~> 1.2.0)
      json (~> 1.8.0)
      multi_json (~> 1.10.0)

GEM
  remote: http://rubygems.org/
  specs:
    bluecloth (2.2.0)
    diff-lcs (1.2.5)
    faraday (0.8.9)
      multipart-post (~> 1.2.0)
    faraday_middleware (0.8.8)
      faraday (>= 0.7.4, < 0.9)
    hashie (1.2.0)
    json (1.8.1)
    multi_json (1.10.1)
    multipart-post (1.2.0)
    rake (0.9.6)
    rspec (3.0.0)
      rspec-core (~> 3.0.0)
      rspec-expectations (~> 3.0.0)
      rspec-mocks (~> 3.0.0)
    rspec-core (3.0.3)
      rspec-support (~> 3.0.0)
    rspec-expectations (3.0.3)
      diff-lcs (>= 1.2.0, < 2.0)
      rspec-support (~> 3.0.0)
    rspec-mocks (3.0.3)
      rspec-support (~> 3.0.0)
    rspec-support (3.0.3)

PLATFORMS
  ruby

DEPENDENCIES
  bluecloth (>= 2.0)
  bundler (>= 1.0.0)
  cloud_connect!
  rake (~> 0.8)
  rspec
